GEM
  remote: https://rubygems.org/
  specs:
    coderay (1.1.1)
    coolline (0.5.0)
      unicode_utils (~> 1.4)
    httparty (0.14.0)
      multi_xml (>= 0.5.2)
    method_source (0.8.2)
    multi_xml (0.5.5)
    pry (0.10.4)
      coderay (~> 1.1.0)
      method_source (~> 0.8.1)
      slop (~> 3.4)
    pry-coolline (0.2.5)
      coolline (~> 0.5)
    slop (3.6.0)
    unicode_utils (1.4.0)

PLATFORMS
  ruby

DEPENDENCIES
  httparty
  pry
  pry-coolline

RUBY VERSION
   ruby 2.2.5p319

BUNDLED WITH
   1.12.5
